GEM
  remote: https://rubygems.org/
  specs:
    pg (1.1.3)

PLATFORMS
  ruby

DEPENDENCIES
  pg

BUNDLED WITH
   1.16.0.pre.3
